GEM
  remote: http://rubygems.org/
  remote: http://gems.github.com/
  specs:
    haml (3.1.4)
    rack (1.4.1)
    rack-protection (1.2.0)
      rack
    sinatra (1.3.2)
      rack (~> 1.3, >= 1.3.6)
      rack-protection (~> 1.2)
      tilt (~> 1.3, >= 1.3.3)
    songkickr (0.2.2)
      songkickr
    tilt (1.3.3)

PLATFORMS
  ruby

DEPENDENCIES
  haml
  sinatra
  songkickr
